GEM
  remote: http://rubygems.org/
  specs:
    activesupport (3.2.9)
      i18n (~> 0.6)
      multi_json (~> 1.0)
    builder (3.1.4)
    coderay (1.0.8)
    colored (1.2)
    commonjs (0.2.6)
    cri (2.3.0)
      colored (>= 1.2)
    haml (3.1.7)
    i18n (0.6.1)
    less (2.2.2)
      commonjs (~> 0.2.6)
    mime-types (1.19)
    multi_json (1.5.0)
    nanoc (3.4.3)
      cri (~> 2.2)
    nokogiri (1.5.5-x86-mingw32)
    rack (1.4.1)
    rake (10.0.2)
    rdiscount (1.6.8)
    ref (1.0.2)
    therubyracer (0.11.0beta1-x86-mingw32)
      ref

PLATFORMS
  x86-mingw32

DEPENDENCIES
  activesupport
  builder
  coderay
  cri
  haml
  less
  mime-types
  nanoc
  nokogiri
  rack
  rake
  rdiscount
  therubyracer
